GEM
  remote: https://rubygems.org/
  specs:
    little-plugger (1.1.3)
    logging (1.7.2)
      little-plugger (>= 1.1.3)
    zk (1.9.2)
      logging (~> 1.7.2)
      zookeeper (~> 1.4.0)
    zookeeper (1.4.6)

PLATFORMS
  ruby

DEPENDENCIES
  zk (= 1.9.2)
  zookeeper (= 1.4.6)
